GIT
  remote: https://github.com/versioneye/versioneye-core.git
  revision: 4b2f764e06c32e497e9e3d77876a6521d45fe85a
  tag: v12.11.9
  specs:
    versioneye-core (12.11.9)
      actionmailer (~> 5.1.0)
      aws-sdk (~> 2.10.7)
      bunny (~> 2.7.0)
      cocoapods-core (~> 0.39.0)
      dalli (~> 2.7.6)
      erlang_config (~> 0)
      etcd (~> 0.3.0)
      gemnasium-parser (~> 0.1.9)
      httparty (~> 0.15.4)
      mongoid (~> 6.2.0)
      naturalsorter (~> 3.0.19)
      net-ldap (~> 0.16.0)
      nokogiri (~> 1.8.1)
      oauth (~> 0.5.0)
      octokit (~> 4.7.0)
      pdfkit (~> 0.8.2)
      persistent_httparty (~> 0.1.0)
      semverly (~> 1.0.0)
      stripe (~> 2.3.0)
      tire (~> 0.6.2)
      tomlrb (~> 1.2)
      will_paginate_mongoid (= 2.0.1)
      wkhtmltopdf-binary (~> 0.12.3)

GEM
  remote: http://rubygems.org/
  specs:
    actionmailer (5.1.7)
      actionpack (= 5.1.7)
      actionview (= 5.1.7)
      activejob (= 5.1.7)
      mail (~> 2.5, >= 2.5.4)
      rails-dom-testing (~> 2.0)
    actionpack (5.1.7)
      actionview (= 5.1.7)
      activesupport (= 5.1.7)
      rack (~> 2.0)
      rack-test (>= 0.6.3)
      rails-dom-testing (~> 2.0)
      rails-html-sanitizer (~> 1.0, >= 1.0.2)
    actionview (5.1.7)
      activesupport (= 5.1.7)
      builder (~> 3.1)
      erubi (~> 1.4)
      rails-dom-testing (~> 2.0)
      rails-html-sanitizer (~> 1.0, >= 1.0.3)
    activejob (5.1.7)
      activesupport (= 5.1.7)
      globalid (>= 0.3.6)
    activemodel (5.1.7)
      activesupport (= 5.1.7)
    activesupport (5.1.7)
      concurrent-ruby (~> 1.0, >= 1.0.2)
      i18n (>= 0.7, < 2)
      minitest (~> 5.1)
      tzinfo (~> 1.1)
    addressable (2.7.0)
      public_suffix (>= 2.0.2, < 5.0)
    amq-protocol (2.2.0)
    ansi (1.5.0)
    aws-eventstream (1.0.3)
    aws-sdk (2.10.134)
      aws-sdk-resources (= 2.10.134)
    aws-sdk-core (2.10.134)
      aws-sigv4 (~> 1.0)
      jmespath (~> 1.0)
    aws-sdk-resources (2.10.134)
      aws-sdk-core (= 2.10.134)
    aws-sigv4 (1.1.0)
      aws-eventstream (~> 1.0, >= 1.0.2)
    bson (4.7.0)
    builder (3.2.4)
    bunny (2.7.4)
      amq-protocol (~> 2.2.0)
    capybara (2.14.4)
      addressable
      mime-types (>= 1.16)
      nokogiri (>= 1.3.3)
      rack (>= 1.0.0)
      rack-test (>= 0.5.4)
      xpath (~> 2.0)
    cocoapods-core (0.39.0)
      activesupport (>= 4.0.2)
      fuzzy_match (~> 2.0.4)
      nap (~> 1.0)
    concurrent-ruby (1.1.5)
    crack (0.4.3)
      safe_yaml (~> 1.0.0)
    crass (1.0.6)
    dalli (2.7.10)
    database_cleaner (1.6.2)
    diff-lcs (1.3)
    docile (1.1.5)
    domain_name (0.5.20190701)
      unf (>= 0.0.5, < 1.0.0)
    erlang_config (0.0.1)
    erubi (1.9.0)
    et-orbi (1.2.2)
      tzinfo
    etcd (0.3.0)
      mixlib-log
    factory_girl (4.8.1)
      activesupport (>= 3.0.0)
    fakeweb (1.3.0)
    faraday (0.17.3)
      multipart-post (>= 1.2, < 3)
    fuzzy_match (2.0.4)
    gemnasium-parser (0.1.9)
    gene_pool (1.5.0)
      concurrent-ruby (>= 1.0)
    globalid (0.4.2)
      activesupport (>= 4.2.0)
    hashdiff (1.0.0)
    hashr (0.0.22)
    http-cookie (1.0.3)
      domain_name (~> 0.5)
    httparty (0.15.7)
      multi_xml (>= 0.5.2)
    i18n (1.8.2)
      concurrent-ruby (~> 1.0)
    io-console (0.5.5)
    irb (1.2.1)
      reline (>= 0.0.1)
    jmespath (1.4.0)
    json (2.3.0)
    loofah (2.4.0)
      crass (~> 1.0.2)
      nokogiri (>= 1.5.9)
    mail (2.7.1)
      mini_mime (>= 0.1.1)
    mime-types (2.99.3)
    mini_mime (1.0.2)
    mini_portile2 (2.3.0)
    minitest (5.14.0)
    mixlib-log (3.0.8)
    mongo (2.11.2)
      bson (>= 4.6.0, < 5.0.0)
    mongoid (6.2.1)
      activemodel (~> 5.1)
      mongo (>= 2.4.1, < 3.0.0)
    multi_json (1.14.1)
    multi_xml (0.6.0)
    multipart-post (2.1.1)
    nap (1.1.0)
    narray (0.6.1.2)
    naturalsorter (3.0.19)
    net-ldap (0.16.2)
    netrc (0.11.0)
    nokogiri (1.8.5)
      mini_portile2 (~> 2.3.0)
    oauth (0.5.4)
    octokit (4.7.0)
      sawyer (~> 0.8.0, >= 0.5.3)
    pdfkit (0.8.4.1)
    persistent_http (1.0.6)
      gene_pool (>= 1.3)
    persistent_httparty (0.1.2)
      httparty (~> 0.9)
      persistent_http (< 2)
    public_suffix (4.0.3)
    rack (2.1.1)
    rack-test (1.1.0)
      rack (>= 1.0, < 3)
    rails-dom-testing (2.0.3)
      activesupport (>= 4.2.0)
      nokogiri (>= 1.6)
    rails-html-sanitizer (1.3.0)
      loofah (~> 2.3)
    rake (13.0.1)
    rdoc (5.1.0)
    reline (0.1.2)
      io-console (~> 0.5)
    rest-client (1.8.0)
      http-cookie (>= 1.0.2, < 2.0)
      mime-types (>= 1.16, < 3.0)
      netrc (~> 0.7)
    rspec (3.6.0)
      rspec-core (~> 3.6.0)
      rspec-expectations (~> 3.6.0)
      rspec-mocks (~> 3.6.0)
    rspec-core (3.6.0)
      rspec-support (~> 3.6.0)
    rspec-expectations (3.6.0)
      diff-lcs (>= 1.2.0, < 2.0)
      rspec-support (~> 3.6.0)
    rspec-mocks (3.6.0)
      diff-lcs (>= 1.2.0, < 2.0)
      rspec-support (~> 3.6.0)
    rspec-support (3.6.0)
    rspec_junit_formatter (0.2.3)
      builder (< 4)
      rspec-core (>= 2, < 4, != 2.12.0)
    rufus-scheduler (3.4.2)
      et-orbi (~> 1.0)
    safe_yaml (1.0.5)
    sawyer (0.8.2)
      addressable (>= 2.3.5)
      faraday (> 0.8, < 2.0)
    semverly (1.0.0)
    shoulda (3.6.0)
      shoulda-context (~> 1.0, >= 1.0.1)
      shoulda-matchers (~> 3.0)
    shoulda-context (1.2.2)
    shoulda-matchers (3.1.3)
      activesupport (>= 4.0.0)
    simplecov (0.14.1)
      docile (~> 1.1.0)
      json (>= 1.8, < 3)
      simplecov-html (~> 0.10.0)
    simplecov-html (0.10.2)
    stripe (2.3.0)
      faraday (~> 0.9)
    tf-idf-similarity (0.1.6)
      unicode_utils (~> 1.4)
    thread_safe (0.3.6)
    tire (0.6.2)
      activemodel (>= 3.0)
      activesupport
      ansi
      hashr (~> 0.0.19)
      multi_json (~> 1.3)
      rake
      rest-client (~> 1.6)
    tomlrb (1.2.9)
    tzinfo (1.2.6)
      thread_safe (~> 0.1)
    unf (0.1.4)
      unf_ext
    unf_ext (0.0.7.6)
    unicode_utils (1.4.0)
    vcr (3.0.3)
    webmock (3.0.1)
      addressable (>= 2.3.6)
      crack (>= 0.3.2)
      hashdiff
    will_paginate (3.2.1)
    will_paginate_mongoid (2.0.1)
      mongoid
      will_paginate (~> 3.0)
    wkhtmltopdf-binary (0.12.5)
    xpath (2.1.0)
      nokogiri (~> 1.3)

PLATFORMS
  ruby

DEPENDENCIES
  capybara (~> 2.14.0)
  database_cleaner (~> 1.6.1)
  factory_girl (~> 4.8.0)
  fakeweb (~> 1.3.0)
  fuzzy_match (= 2.0.4)
  irb (~> 1.2)
  narray (= 0.6.1.2)
  rdoc (~> 5.1.0)
  rspec (~> 3.6.0)
  rspec_junit_formatter (= 0.2.3)
  rufus-scheduler (= 3.4.2)
  shoulda
  simplecov (~> 0.14.1)
  tf-idf-similarity (= 0.1.6)
  vcr (~> 3.0.1)
  versioneye-core!
  webmock (~> 3.0.1)

BUNDLED WITH
   1.17.3
